GEM
  remote: https://rubygems.org/
  specs:
    addressable (2.5.2)
      public_suffix (>= 2.0.2, < 4.0)
    coderay (1.1.2)
    coolline (0.5.0)
      unicode_utils (~> 1.4)
    domain_name (0.5.20170404)
      unf (>= 0.0.5, < 1.0.0)
    http (0.9.8)
      addressable (~> 2.3)
      http-cookie (~> 1.0)
      http-form_data (~> 1.0.1)
      http_parser.rb (~> 0.6.0)
    http-cookie (1.0.3)
      domain_name (~> 0.5)
    http-form_data (1.0.3)
    http_parser.rb (0.6.0)
    kubeclient (2.4.0)
      http (= 0.9.8)
      recursive-open-struct (= 1.0.0)
      rest-client
    method_source (0.8.2)
    mime-types (3.1)
      mime-types-data (~> 3.2015)
    mime-types-data (3.2016.0521)
    minitest (5.10.3)
    minitest-stub-const (0.6)
    netrc (0.11.0)
    oj (3.3.5)
    pry (0.10.4)
      coderay (~> 1.1.0)
      method_source (~> 0.8.1)
      slop (~> 3.4)
    pry-coolline (0.2.5)
      coolline (~> 0.5)
    public_suffix (3.0.0)
    rack (2.0.3)
    rack-cors (1.0.1)
    rack-test (0.6.3)
      rack (>= 1.0)
    rake (12.0.0)
    recursive-open-struct (1.0.0)
    require_all (1.4.0)
    rest-client (2.0.2)
      http-cookie (>= 1.0.2, < 2.0)
      mime-types (>= 1.16, < 4.0)
      netrc (~> 0.8)
    ruby-kafka (0.4.1)
    seg (1.2.0)
    slop (3.6.0)
    syro (3.0.1)
      rack (>= 1.6.0)
      seg
    unf (0.1.4)
      unf_ext
    unf_ext (0.0.7.4)
    unicode_utils (1.4.0)

PLATFORMS
  ruby

DEPENDENCIES
  kubeclient
  minitest
  minitest-stub-const
  oj (~> 3.0, >= 3.0.3)
  pry (~> 0.10.4)
  pry-coolline (~> 0.2.5)
  rack-cors
  rack-test (~> 0.6.3)
  rake (~> 12.0)
  require_all (~> 1.4)
  ruby-kafka
  syro (~> 3.0, >= 3.0.1)

BUNDLED WITH
   1.15.4
